GEM
  remote: https://rubygems.org/
  specs:
    bourbon (4.0.1)
      sass (~> 3.3)
      thor
    kramdown (1.3.3)
    sass (3.3.5)
    thor (0.19.1)

PLATFORMS
  ruby

DEPENDENCIES
  bourbon (~> 4.0.1)
  kramdown (~> 1.3.3)
  sass (~> 3.3.5)
