GEM
  remote: https://rubygems.org/
  specs:
    sass (3.3.1)

PLATFORMS
  ruby

DEPENDENCIES
  sass (~> 3.3.1)
